GEM
  remote: https://rubygems.org/
  specs:
    benchmark-ips (2.13.0)

PLATFORMS
  arm64-darwin-23
  ruby

DEPENDENCIES
  benchmark-ips

BUNDLED WITH
   2.5.11
